PATH
  remote: .
  specs:
    moyasar (0.1.0)

GEM
  remote: https://rubygems.org/
  specs:
    minitest (5.8.4)
    rake (10.5.0)

PLATFORMS
  ruby

DEPENDENCIES
  bundler (~> 1.10)
  minitest
  moyasar!
  rake (~> 10.0)

BUNDLED WITH
   1.10.6
